GIT
  remote: https://github.com/sspinc/crack.git
  revision: 510f25d0e4776919d7cb30d42adfd5a883a844f3
  specs:
    crack (0.1.8)

GEM
  remote: http://rubygems.org/
  specs:
    activesupport (3.0.9)
    addressable (2.2.6)
    faraday (0.7.4)
      addressable (~> 2.2.6)
      multipart-post (~> 1.1.0)
      rack (>= 1.1.0, < 2)
    httmultiparty (0.3.6)
      httparty (>= 0.7.3)
      multipart-post
    httparty (0.7.8)
      crack (= 0.1.8)
    multipart-post (1.1.3)
    rack (1.3.2)

PLATFORMS
  ruby

DEPENDENCIES
  activesupport
  crack!
  faraday
  httmultiparty
  httparty
