GEM
  remote: http://rubygems.org/
  specs:
    activesupport (3.0.9)
    crack (0.1.8)
    httparty (0.7.8)
      crack (= 0.1.8)

PLATFORMS
  ruby

DEPENDENCIES
  activesupport
  crack
  httparty
